PATH
  remote: .
  specs:
    unified_page_object (0.0.1)
      page-object (~> 1.0.2)
      rspec (~> 3.0.0)
      selenium-webdriver (~> 2.42.0)

GEM
  remote: https://rubygems.org/
  specs:
    appium_thor (0.0.7)
      posix-spawn (~> 0.3, >= 0.3.8)
      redcarpet (~> 3.1, >= 3.1.2)
      yard (~> 0.8, >= 0.8.7.4)
    childprocess (0.5.3)
      ffi (~> 1.0, >= 1.0.11)
    data_magic (0.19)
      faker (>= 1.1.2)
      yml_reader (>= 0.3)
    diff-lcs (1.2.5)
    faker (1.4.2)
      i18n (~> 0.5)
    ffi (1.9.3)
    i18n (0.6.11)
    multi_json (1.10.1)
    page-object (1.0.2)
      page_navigation (>= 0.9)
      selenium-webdriver (>= 2.42.0)
      watir-webdriver (>= 0.6.9)
    page_navigation (0.9)
      data_magic (>= 0.14)
    posix-spawn (0.3.9)
    redcarpet (3.1.2)
    rspec (3.0.0)
      rspec-core (~> 3.0.0)
      rspec-expectations (~> 3.0.0)
      rspec-mocks (~> 3.0.0)
    rspec-core (3.0.3)
      rspec-support (~> 3.0.0)
    rspec-expectations (3.0.3)
      diff-lcs (>= 1.2.0, < 2.0)
      rspec-support (~> 3.0.0)
    rspec-mocks (3.0.3)
      rspec-support (~> 3.0.0)
    rspec-support (3.0.3)
    rubyzip (1.1.6)
    selenium-webdriver (2.42.0)
      childprocess (>= 0.5.0)
      multi_json (~> 1.0)
      rubyzip (~> 1.0)
      websocket (~> 1.0.4)
    watir-webdriver (0.6.10)
      selenium-webdriver (>= 2.18.0)
    websocket (1.0.7)
    yard (0.8.7.4)
    yml_reader (0.3)

PLATFORMS
  ruby

DEPENDENCIES
  appium_thor (~> 0.0, >= 0.0.7)
  unified_page_object!
